GEM
  remote: https://rubygems.org/
  specs:
    concurrent-ruby (1.0.1)
    hike (1.2.3)
    opal (0.9.2)
      hike (~> 1.2)
      sourcemap (~> 0.1.0)
      sprockets (~> 3.1)
      tilt (>= 1.4)
    opal-activesupport (0.2.0)
      opal (>= 0.5.0, < 1.0.0)
    rack (1.6.4)
    react-opal (0.14.1)
      opal (>= 0.8.0)
      opal-activesupport (>= 0.2.0)
    sourcemap (0.1.1)
    sprockets (3.5.2)
      concurrent-ruby (~> 1.0)
      rack (> 1, < 3)
    tilt (1.4.1)

PLATFORMS
  ruby

DEPENDENCIES
  react-opal
